GEM
  remote: http://rubygems.org/
  specs:
    addressable (2.2.6)
    em-http-request (0.3.0)
      addressable (>= 2.0.0)
      escape_utils
      eventmachine (>= 0.12.9)
    escape_utils (0.2.3)
    eventmachine (0.12.10)
    git (1.2.5)
    http_parser.rb (0.5.1)
    jeweler (1.5.2)
      bundler (~> 1.0.0)
      git (>= 1.2.5)
      rake
    rake (0.9.2)
    rcov (0.9.10)
    shoulda (2.11.3)
    yard (0.6.8)

PLATFORMS
  ruby

DEPENDENCIES
  bundler (~> 1.0.0)
  em-http-request
  eventmachine
  http_parser.rb
  jeweler (~> 1.5.2)
  rcov
  shoulda
  yard (~> 0.6.0)
