GEM
  remote: http://rubygems.org/
  specs:
    addressable (2.2.6)
    dk-bdb (0.2.4.2)
    em-http-request (0.3.0)
      addressable (>= 2.0.0)
      escape_utils
      eventmachine (>= 0.12.9)
    escape_utils (0.2.3)
    eventmachine (0.12.10)
    git (1.2.5)
    http_parser.rb (0.5.1)
    http_request.rb (1.1.11)
    jeweler (1.5.2)
      bundler (~> 1.0.0)
      git (>= 1.2.5)
      rake
    minitest (2.5.0)
    rake (0.9.2)
    rcov (0.9.10)
    tuple (0.1.2)
    yajl-ruby (0.8.3)
    yard (0.6.8)

PLATFORMS
  ruby

DEPENDENCIES
  bundler (~> 1.0.0)
  dk-bdb
  em-http-request
  eventmachine
  http_parser.rb
  http_request.rb
  jeweler (~> 1.5.2)
  minitest
  rcov
  tuple
  yajl-ruby
  yard (~> 0.6.0)
