GEM
  remote: http://rubygems.org/
  specs:
    addressable (2.3.2)
    bdb (0.2.6.5)
      tuple (>= 0.1.2)
    cookiejar (0.3.0)
    em-http-request (1.0.3)
      addressable (>= 2.2.3)
      cookiejar
      em-socksify
      eventmachine (>= 1.0.0.beta.4)
      http_parser.rb (>= 0.5.3)
    em-socksify (0.2.1)
      eventmachine (>= 1.0.0.beta.4)
    eventmachine (1.0.0)
    git (1.2.5)
    hashr (0.0.22)
    http_parser.rb (0.5.3)
    http_request.rb (1.1.13)
    jeweler (1.8.4)
      bundler (~> 1.0)
      git (>= 1.2.5)
      rake
      rdoc
    json (1.7.5)
    minitest (4.2.0)
    multi_json (1.3.7)
    rake (0.9.2.2)
    rdoc (3.12)
      json (~> 1.4)
    simplecov (0.7.1)
      multi_json (~> 1.0)
      simplecov-html (~> 0.7.1)
    simplecov-html (0.7.1)
    simplecov-rcov (0.2.3)
      simplecov (>= 0.4.1)
    travis-lint (1.4.0)
      hashr (>= 0.0.19)
    tuple (0.1.2)
    yajl-ruby (1.1.0)
    yard (0.6.8)

PLATFORMS
  ruby

DEPENDENCIES
  bdb
  bundler (~> 1.0)
  em-http-request
  eventmachine
  http_parser.rb
  http_request.rb
  jeweler (~> 1.8.4)
  minitest
  simplecov
  simplecov-rcov
  travis-lint
  tuple
  yajl-ruby
  yard (~> 0.6.0)
